GIT
  remote: git://github.com/EppO/rolify.git
  revision: befc8db8d1894cc2fe86407dbedc1aebb3f3592f
  specs:
    rolify (3.4.0)

GIT
  remote: git://github.com/ahoward/mongoid-grid_fs.git
  revision: 059012a2c2a9e0a5d6e67137752c3e918689c88a
  specs:
    mongoid-grid_fs (1.9.0)
      mime-types (~> 1.19)
      mongoid (>= 3.0, < 5.0)

GIT
  remote: git://github.com/anjlab/bootstrap-rails.git
  revision: addb7143365f97f938e3bdbb2ccfc52591230eda
  branch: 3.0.0
  specs:
    anjlab-bootstrap-rails (3.0.0.rc2)
      railties (>= 3.0)
      sass (>= 3.2)

GIT
  remote: git://github.com/bokmann/font-awesome-rails.git
  revision: 0747172ac4728f5626f0dc50e6c6733eae5fa58b
  specs:
    font-awesome-rails (4.0.3.1)
      railties (>= 3.2, < 5.0)

GIT
  remote: git://github.com/charlotte-ruby/impressionist.git
  revision: 1c3ac147aad04f680a43f77e49e38328956bfc2d
  specs:
    impressionist (1.5.1)
      httpclient (~> 2.2)
      nokogiri (~> 1.5)

GIT
  remote: git://github.com/digitalplaywright/mongoid-slug.git
  revision: 5cf9c3c5cfac9df628a95e69f00774cd0fe90d96
  specs:
    mongoid_slug (3.2.0)
      mongoid (> 3.0)
      stringex (~> 2.0)

GIT
  remote: git://github.com/galetahub/ckeditor.git
  revision: b19f776a43e188e48fd409353366f05bdab3090d
  specs:
    ckeditor (4.0.10)
      mime-types
      orm_adapter (~> 0.5.0)

GIT
  remote: git://github.com/jnicklas/carrierwave.git
  revision: 17399e692d3b29ec7c2e609308c6e2ec7c622694
  specs:
    carrierwave (0.9.0)
      activemodel (>= 3.2.0)
      activesupport (>= 3.2.0)
      json (>= 1.7)
      mime-types (>= 1.16)

GIT
  remote: git://github.com/mongoid/mongoid.git
  revision: 5b0f031992cbec66d68c6cb288a4edb952ed5336
  specs:
    mongoid (4.0.0.beta1)
      activemodel (>= 4.0.0)
      moped (~> 2.0.beta6)
      origin (~> 2.1)
      tzinfo (>= 0.3.37)

GEM
  remote: https://rubygems.org/
  specs:
    actionmailer (4.1.0.beta1)
      actionpack (= 4.1.0.beta1)
      actionview (= 4.1.0.beta1)
      mail (~> 2.5.4)
    actionpack (4.1.0.beta1)
      actionview (= 4.1.0.beta1)
      activesupport (= 4.1.0.beta1)
      rack (~> 1.5.2)
      rack-test (~> 0.6.2)
    actionview (4.1.0.beta1)
      activesupport (= 4.1.0.beta1)
      builder (~> 3.1)
      erubis (~> 2.7.0)
    activemodel (4.1.0.beta1)
      activesupport (= 4.1.0.beta1)
      builder (~> 3.1)
    activerecord (4.1.0.beta1)
      activemodel (= 4.1.0.beta1)
      activesupport (= 4.1.0.beta1)
      arel (~> 5.0.0)
    activesupport (4.1.0.beta1)
      i18n (~> 0.6, >= 0.6.9)
      json (~> 1.7, >= 1.7.7)
      minitest (~> 5.1)
      thread_safe (~> 0.1)
      tzinfo (~> 1.1)
    arel (5.0.0)
    atomic (1.1.14)
    awesome_nested_set (2.1.6)
      activerecord (>= 3.0.0)
    bcrypt-ruby (3.1.2)
    bson (2.2.0)
    builder (3.2.2)
    cancan (1.6.10)
    carrierwave-mongoid (0.6.3)
      carrierwave (>= 0.8.0, < 0.10.0)
      mongoid (>= 3.0, < 5.0)
      mongoid-grid_fs (~> 1.3)
    celluloid (0.15.2)
      timers (~> 1.1.0)
    celluloid-io (0.15.0)
      celluloid (>= 0.15.0)
      nio4r (>= 0.5.0)
    coderay (1.1.0)
    coffee-rails (4.0.1)
      coffee-script (>= 2.2.0)
      railties (>= 4.0.0, < 5.0)
    coffee-script (2.2.0)
      coffee-script-source
      execjs
    coffee-script-source (1.7.0)
    connection_pool (1.2.0)
    dalli (2.7.0)
    devise (3.2.2)
      bcrypt-ruby (~> 3.0)
      orm_adapter (~> 0.1)
      railties (>= 3.2.6, < 5)
      thread_safe (~> 0.1)
      warden (~> 1.2.3)
    erubis (2.7.0)
    execjs (2.0.2)
    ffi (1.9.3)
    formatador (0.2.4)
    guard (2.4.0)
      formatador (>= 0.2.4)
      listen (~> 2.1)
      lumberjack (~> 1.0)
      pry (>= 0.9.12)
      thor (>= 0.18.1)
    guard-rails (0.5.0)
      guard (>= 2.0.0)
    haml (4.0.5)
      tilt
    haml-rails (0.5.3)
      actionpack (>= 4.0.1)
      activesupport (>= 4.0.1)
      haml (>= 3.1, < 5.0)
      railties (>= 4.0.1)
    hike (1.2.3)
    httpclient (2.3.4.1)
    i18n (0.6.9)
    jbuilder (1.5.3)
      activesupport (>= 3.0.0)
      multi_json (>= 1.2.0)
    jquery-rails (3.1.0)
      railties (>= 3.0, < 5.0)
      thor (>= 0.14, < 2.0)
    json (1.8.1)
    listen (2.5.0)
      celluloid (>= 0.15.2)
      celluloid-io (>= 0.15.0)
      rb-fsevent (>= 0.9.3)
      rb-inotify (>= 0.9)
    lumberjack (1.0.4)
    mail (2.5.4)
      mime-types (~> 1.16)
      treetop (~> 1.4.8)
    method_source (0.8.2)
    mime-types (1.25.1)
    mini_magick (3.7.0)
      subexec (~> 0.2.1)
    mini_portile (0.5.2)
    minitest (5.2.3)
    moped (2.0.0.beta6)
      bson (~> 2.2)
      connection_pool (~> 1.2)
      optionable (~> 0.2.0)
    multi_json (1.8.4)
    mustache (0.99.5)
    mustache-rails (0.2.3)
      actionpack (>= 3.1)
      mustache (~> 0.99.4)
    nested_form (0.3.2)
    nio4r (1.0.0)
    nokogiri (1.6.1)
      mini_portile (~> 0.5.0)
    optionable (0.2.0)
    origin (2.1.0)
    orm_adapter (0.5.0)
    polyglot (0.3.3)
    pry (0.9.12.6)
      coderay (~> 1.0)
      method_source (~> 0.8)
      slop (~> 3.4)
    puma (2.7.1)
      rack (>= 1.1, < 2.0)
    rack (1.5.2)
    rack-test (0.6.2)
      rack (>= 1.0)
    rails (4.1.0.beta1)
      actionmailer (= 4.1.0.beta1)
      actionpack (= 4.1.0.beta1)
      actionview (= 4.1.0.beta1)
      activemodel (= 4.1.0.beta1)
      activerecord (= 4.1.0.beta1)
      activesupport (= 4.1.0.beta1)
      bundler (>= 1.3.0, < 2.0)
      railties (= 4.1.0.beta1)
      sprockets-rails (~> 2.0.0)
    railties (4.1.0.beta1)
      actionpack (= 4.1.0.beta1)
      activesupport (= 4.1.0.beta1)
      rake (>= 0.8.7)
      thor (>= 0.18.1, < 2.0)
    rake (10.1.1)
    rb-fsevent (0.9.4)
    rb-inotify (0.9.3)
      ffi (>= 0.5.0)
    rdoc (4.1.1)
      json (~> 1.4)
    rmagick (2.13.2)
    sass (3.2.14)
    sass-rails (4.0.1)
      railties (>= 4.0.0, < 5.0)
      sass (>= 3.1.10)
      sprockets-rails (~> 2.0.0)
    sdoc (0.4.0)
      json (~> 1.8)
      rdoc (~> 4.0, < 5.0)
    slop (3.4.7)
    sprockets (2.10.1)
      hike (~> 1.2)
      multi_json (~> 1.0)
      rack (~> 1.0)
      tilt (~> 1.1, != 1.3.0)
    sprockets-rails (2.0.1)
      actionpack (>= 3.0)
      activesupport (>= 3.0)
      sprockets (~> 2.8)
    sqlite3 (1.3.8)
    stringex (2.2.0)
    subexec (0.2.3)
    the_sortable_tree (2.3.3)
      rails (>= 3.1)
    thor (0.18.1)
    thread_safe (0.1.3)
      atomic
    tilt (1.4.1)
    timers (1.1.0)
    treetop (1.4.15)
      polyglot
      polyglot (>= 0.3.1)
    turbolinks (2.2.1)
      coffee-rails
    tzinfo (1.1.0)
      thread_safe (~> 0.1)
    uglifier (2.4.0)
      execjs (>= 0.3.0)
      json (>= 1.8.0)
    warden (1.2.3)
      rack (>= 1.0)

PLATFORMS
  ruby

DEPENDENCIES
  anjlab-bootstrap-rails!
  awesome_nested_set
  cancan
  carrierwave!
  carrierwave-mongoid
  ckeditor!
  coffee-rails (~> 4.0.0)
  dalli
  devise
  font-awesome-rails!
  guard
  guard-rails
  haml
  haml-rails
  impressionist!
  jbuilder (~> 1.2)
  jquery-rails
  mini_magick
  mongoid!
  mongoid-grid_fs!
  mongoid_slug!
  mustache-rails
  nested_form
  puma
  rails (= 4.1.0.beta1)
  rmagick
  rolify!
  sass-rails (~> 4.0.0)
  sdoc
  sqlite3
  the_sortable_tree (~> 2.3.0)
  turbolinks
  uglifier (>= 1.3.0)
